GEM
  remote: http://rubygems.org/
  remote: http://gems.github.com/
  specs:
    RedCloth (4.2.8)
    aasm (2.2.1)
    actionmailer (2.3.18)
      actionpack (= 2.3.18)
    actionpack (2.3.18)
      activesupport (= 2.3.18)
      rack (~> 1.1.0)
    activerecord (2.3.18)
      activesupport (= 2.3.18)
    activeresource (2.3.18)
      activesupport (= 2.3.18)
    activesupport (2.3.18)
    acts_as_list (0.1.9)
    bcrypt-ruby (2.1.4)
    builder (3.2.2)
    columnize (0.3.6)
    cucumber (1.3.10)
      builder (>= 2.1.2)
      diff-lcs (>= 1.1.3)
      gherkin (~> 2.12)
      multi_json (>= 1.7.5, < 2.0)
      multi_test (>= 0.0.2)
    cucumber-rails (0.3.2)
      cucumber (>= 0.8.0)
    daemons (1.0.10)
    database_cleaner (1.2.0)
    debugger (1.6.3)
      columnize (>= 0.3.1)
      debugger-linecache (~> 1.2.0)
      debugger-ruby_core_source (~> 1.2.4)
    debugger-linecache (1.2.0)
    debugger-ruby_core_source (1.2.4)
    diff-lcs (1.2.5)
    flexmock (1.3.2)
    gem_plugin (0.2.3)
    gherkin (2.12.2)
      multi_json (~> 1.3)
    has_many_polymorphs (2.13)
      activerecord
    highline (1.5.2)
    hoe (3.7.3)
      rake (>= 0.8, < 11.0)
    hpricot (0.8.6)
    htmlentities (4.3.1)
    mail (2.5.4)
      mime-types (~> 1.16)
      treetop (~> 1.4.8)
    memory_test_fix (0.1.3)
    mime-types (1.25.1)
    mongrel (1.2.0.pre2)
      daemons (~> 1.0.10)
      gem_plugin (~> 0.2.3)
    multi_json (1.8.2)
    multi_test (0.0.2)
    mysql (2.9.1)
    nokogiri (1.4.7)
    polyglot (0.3.3)
    rack (1.1.0)
    rack-test (0.6.2)
      rack (>= 1.0)
    rails (2.3.18)
      actionmailer (= 2.3.18)
      actionpack (= 2.3.18)
      activerecord (= 2.3.18)
      activeresource (= 2.3.18)
      activesupport (= 2.3.18)
      rake (>= 0.8.3)
    rake (0.8.7)
    rspec (1.3.2)
    rspec-rails (1.3.4)
      rack (>= 1.0.0)
      rspec (~> 1.3.1)
    ruby-openid (2.3.0)
    rubycas-client (2.2.1)
      activesupport
    rubyjedi-actionwebservice (2.3.5.20100714122544)
      actionpack (~> 2.3.0)
      activerecord (~> 2.3.0)
      activesupport (~> 2.3.0)
    sanitize (1.2.1)
      nokogiri (~> 1.4.1)
    selenium-client (1.2.18)
    soap4r-ruby1.9 (2.0.5)
    test-unit (1.2.3)
      hoe (>= 1.5.1)
    thoughtbot-factory_girl (1.2.2)
    treetop (1.4.15)
      polyglot
      polyglot (>= 0.3.1)
    webrat (0.7.3)
      nokogiri (>= 1.2.0)
      rack (>= 1.0)
      rack-test (>= 0.5.3)
    will_paginate (2.3.16)
    yard (0.8.7.3)

PLATFORMS
  ruby

DEPENDENCIES
  RedCloth (= 4.2.8)
  aasm (~> 2.2.0)
  acts_as_list (~> 0.1.4)
  bcrypt-ruby (~> 2.1.4)
  cucumber-rails (~> 0.3.0)
  database_cleaner (>= 0.5.0)
  debugger
  flexmock
  has_many_polymorphs (~> 2.13)
  highline (~> 1.5.0)
  hoe
  hpricot
  htmlentities (~> 4.3.0)
  mail
  memory_test_fix (~> 0.1.3)
  mongrel (= 1.2.0.pre2)
  mysql
  rack (= 1.1.0)
  rails (~> 2.3.12)
  rake (~> 0.8.7)
  rspec-rails (~> 1.3.3)
  ruby-openid
  rubycas-client (~> 2.2.1)
  rubyjedi-actionwebservice
  sanitize (~> 1.2.1)
  selenium-client
  soap4r-ruby1.9
  test-unit (= 1.2.3)
  thoughtbot-factory_girl
  webrat (>= 0.7.0)
  will_paginate (~> 2.3.15)
  yard
